PATH
  remote: .
  specs:
    mongoid-auto_increment (2.3.0)
      activesupport (>= 4.2.0, < 6.1.0)
      mongoid (>= 5.0.0, < 7.1.0)

GEM
  remote: https://rubygems.org/
  specs:
    activemodel (6.0.3.1)
      activesupport (= 6.0.3.1)
    activesupport (6.0.3.1)
      concurrent-ruby (~> 1.0, >= 1.0.2)
      i18n (>= 0.7, < 2)
      minitest (~> 5.1)
      tzinfo (~> 1.1)
      zeitwerk (~> 2.2, >= 2.2.2)
    bson (4.8.2)
    coderay (1.1.2)
    concurrent-ruby (1.1.6)
    docile (1.3.2)
    i18n (1.8.2)
      concurrent-ruby (~> 1.0)
    json (2.2.0)
    method_source (0.8.2)
    minitest (5.14.1)
    mongo (2.12.1)
      bson (>= 4.8.2, < 5.0.0)
    mongoid (7.0.7)
      activemodel (>= 5.1, < 6.1)
      mongo (>= 2.7.0, < 3.0.0)
    pry (0.10.4)
      coderay (~> 1.1.0)
      method_source (~> 0.8.1)
      slop (~> 3.4)
    pry-nav (0.2.4)
      pry (>= 0.9.10, < 0.11.0)
    rake (13.0.0)
    simplecov (0.17.1)
      docile (~> 1.1)
      json (>= 1.8, < 3)
      simplecov-html (~> 0.10.0)
    simplecov-html (0.10.2)
    slop (3.6.0)
    thread_safe (0.3.6)
    tzinfo (1.2.7)
      thread_safe (~> 0.1)
    zeitwerk (2.3.0)

PLATFORMS
  ruby

DEPENDENCIES
  mongoid (~> 7.0.0)
  mongoid-auto_increment!
  pry-nav (~> 0.2.4)
  rake
  simplecov

BUNDLED WITH
   1.17.3
